GEM
  remote: https://rubygems.org/
  specs:
    concurrent-ruby (1.1.5)

PLATFORMS
  ruby

DEPENDENCIES
  concurrent-ruby

BUNDLED WITH
   1.16.1
